PATH
  remote: .
  specs:
    ROPRQuest (0.0.1)
      figlet
      pastel
      random-word
      rubocop
      ruby-progressbar
      tty-prompt
      tty-spinner

GEM
  remote: https://rubygems.org/
  specs:
    ast (2.4.0)
    docile (1.3.0)
    equatable (0.5.0)
    figlet (1.1.0)
    hitimes (1.2.6)
    json (2.1.0)
    necromancer (0.4.0)
    parallel (1.12.1)
    parser (2.5.1.0)
      ast (~> 2.4.0)
    pastel (0.7.2)
      equatable (~> 0.5.0)
      tty-color (~> 0.4.0)
    power_assert (1.1.1)
    powerpack (0.1.1)
    rainbow (3.0.0)
    rake (10.5.0)
    random-word (2.1.0)
    rubocop (0.55.0)
      parallel (~> 1.10)
      parser (>= 2.5)
      powerpack (~> 0.1)
      rainbow (>= 2.2.2, < 4.0)
      ruby-progressbar (~> 1.7)
      unicode-display_width (~> 1.0, >= 1.0.1)
    ruby-progressbar (1.9.0)
    simplecov (0.16.1)
      docile (~> 1.1)
      json (>= 1.8, < 3)
      simplecov-html (~> 0.10.0)
    simplecov-html (0.10.2)
    test-unit (3.2.7)
      power_assert
    timers (4.1.2)
      hitimes
    tty-color (0.4.2)
    tty-cursor (0.5.0)
    tty-prompt (0.16.1)
      necromancer (~> 0.4.0)
      pastel (~> 0.7.0)
      timers (~> 4.0)
      tty-cursor (~> 0.5.0)
      tty-reader (~> 0.3.0)
    tty-reader (0.3.0)
      tty-cursor (~> 0.5.0)
      tty-screen (~> 0.6.4)
      wisper (~> 2.0.0)
    tty-screen (0.6.4)
    tty-spinner (0.8.0)
      tty-cursor (>= 0.5.0)
    unicode-display_width (1.3.2)
    wisper (2.0.0)

PLATFORMS
  ruby

DEPENDENCIES
  ROPRQuest!
  bundler
  rake (~> 10.0)
  simplecov
  test-unit

BUNDLED WITH
   1.16.1
